GEM
  remote: https://rubygems.org/
  specs:
    coderay (1.1.3)
    erubis (2.7.0)
    flickr-login (0.0.3)
      oauth
    flickraw (0.9.9)
    method_source (0.9.2)
    multi_json (1.15.0)
    mustermann (1.1.1)
      ruby2_keywords (~> 0.0.1)
    oauth (0.5.4)
    pry (0.12.2)
      coderay (~> 1.1.0)
      method_source (~> 0.9.0)
    pry-doc (1.1.0)
      pry (~> 0.11)
      yard (~> 0.9.11)
    rack (2.2.3)
    rack-protection (2.1.0)
      rack
    ruby2_keywords (0.0.4)
    sequel (5.42.0)
    sequel_enum (0.2.0)
      sequel
    sinatra (2.1.0)
      mustermann (~> 1.0)
      rack (~> 2.2)
      rack-protection (= 2.1.0)
      tilt (~> 2.0)
    sinatra-contrib (2.1.0)
      multi_json
      mustermann (~> 1.0)
      rack-protection (= 2.1.0)
      sinatra (= 2.1.0)
      tilt (~> 2.0)
    sinatra-sequel (0.9.0)
      sequel (>= 3.2.0)
      sinatra (>= 0.9.4)
    sqlite3 (1.3.13)
    tilt (2.0.10)
    yard (0.9.26)

PLATFORMS
  ruby

DEPENDENCIES
  erubis
  flickr-login
  flickraw
  pry
  pry-doc
  sequel_enum
  sinatra
  sinatra-contrib
  sinatra-sequel
  sqlite3

BUNDLED WITH
   1.17.1
