GEM
  remote: https://rubygems.org/
  specs:
    backports (3.10.3)
    coderay (1.1.2)
    erubis (2.7.0)
    flickr-login (0.0.3)
      oauth
    flickraw (0.9.9)
    method_source (0.9.0)
    multi_json (1.12.2)
    mustermann (1.0.1)
    oauth (0.5.3)
    pry (0.11.3)
      coderay (~> 1.1.0)
      method_source (~> 0.9.0)
    pry-doc (0.11.1)
      pry (~> 0.9)
      yard (~> 0.9)
    rack (2.0.3)
    rack-protection (2.0.0)
      rack
    sequel (5.2.0)
    sinatra (2.0.0)
      mustermann (~> 1.0)
      rack (~> 2.0)
      rack-protection (= 2.0.0)
      tilt (~> 2.0)
    sinatra-contrib (2.0.0)
      backports (>= 2.0)
      multi_json
      mustermann (~> 1.0)
      rack-protection (= 2.0.0)
      sinatra (= 2.0.0)
      tilt (>= 1.3, < 3)
    sinatra-sequel (0.9.0)
      sequel (>= 3.2.0)
      sinatra (>= 0.9.4)
    sqlite3 (1.3.13)
    tilt (2.0.8)
    yard (0.9.10)

PLATFORMS
  ruby

DEPENDENCIES
  erubis
  flickr-login
  flickraw
  pry
  pry-doc
  sinatra
  sinatra-contrib
  sinatra-sequel
  sqlite3

BUNDLED WITH
   1.16.0
