GEM
  remote: https://rubygems.org/
  specs:
    base64 (0.2.0)
    coderay (1.1.3)
    erubis (2.7.0)
    flickr-login (0.0.3)
      oauth
    flickraw (0.9.10)
    method_source (1.0.0)
    mini_portile2 (2.8.5)
    multi_json (1.15.0)
    mustermann (3.0.0)
      ruby2_keywords (~> 0.0.1)
    oauth (0.5.6)
    pry (0.14.2)
      coderay (~> 1.1)
      method_source (~> 1.0)
    pry-doc (1.5.0)
      pry (~> 0.11)
      yard (~> 0.9.11)
    rack (3.0.8)
    rack-protection (4.0.0)
      base64 (>= 0.1.0)
      rack (>= 3.0.0, < 4)
    rack-session (2.0.0)
      rack (>= 3.0.0)
    ruby2_keywords (0.0.5)
    sequel (5.42.0)
    sequel_enum (0.2.0)
      sequel
    sinatra (4.0.0)
      mustermann (~> 3.0)
      rack (>= 3.0.0, < 4)
      rack-protection (= 4.0.0)
      rack-session (>= 2.0.0, < 3)
      tilt (~> 2.0)
    sinatra-contrib (4.0.0)
      multi_json (>= 0.0.2)
      mustermann (~> 3.0)
      rack-protection (= 4.0.0)
      sinatra (= 4.0.0)
      tilt (~> 2.0)
    sinatra-sequel (0.9.0)
      sequel (>= 3.2.0)
      sinatra (>= 0.9.4)
    sqlite3 (1.7.2)
      mini_portile2 (~> 2.8.0)
    tilt (2.3.0)
    yard (0.9.35)

PLATFORMS
  ruby

DEPENDENCIES
  erubis
  flickr-login
  flickraw
  pry
  pry-doc
  sequel_enum
  sinatra
  sinatra-contrib
  sinatra-sequel
  sqlite3

BUNDLED WITH
   2.2.16
