GEM
  remote: https://rubygems.org/
  specs:
    coderay (1.1.3)
    erubis (2.7.0)
    flickr-login (0.0.3)
      oauth
    flickraw (0.9.10)
    method_source (1.0.0)
    mini_portile2 (2.8.1)
    multi_json (1.15.0)
    mustermann (2.0.2)
      ruby2_keywords (~> 0.0.1)
    oauth (0.5.6)
    pry (0.14.2)
      coderay (~> 1.1)
      method_source (~> 1.0)
    pry-doc (1.4.0)
      pry (~> 0.11)
      yard (~> 0.9.11)
    rack (2.2.6.2)
    rack-protection (2.2.4)
      rack
    ruby2_keywords (0.0.5)
    sequel (5.42.0)
    sequel_enum (0.2.0)
      sequel
    sinatra (2.2.4)
      mustermann (~> 2.0)
      rack (~> 2.2)
      rack-protection (= 2.2.4)
      tilt (~> 2.0)
    sinatra-contrib (2.2.4)
      multi_json
      mustermann (~> 2.0)
      rack-protection (= 2.2.4)
      sinatra (= 2.2.4)
      tilt (~> 2.0)
    sinatra-sequel (0.9.0)
      sequel (>= 3.2.0)
      sinatra (>= 0.9.4)
    sqlite3 (1.6.0)
      mini_portile2 (~> 2.8.0)
    tilt (2.0.11)
    webrick (1.7.0)
    yard (0.9.28)
      webrick (~> 1.7.0)

PLATFORMS
  ruby

DEPENDENCIES
  erubis
  flickr-login
  flickraw
  pry
  pry-doc
  sequel_enum
  sinatra
  sinatra-contrib
  sinatra-sequel
  sqlite3

BUNDLED WITH
   2.2.16
